GEM
  remote: https://rubygems.org/
  specs:
    coderay (1.1.3)
    method_source (1.0.0)
    pry (0.14.1)
      coderay (~> 1.1)
      method_source (~> 1.0)
    pry-nav (1.0.0)
      pry (>= 0.9.10, < 0.15)
    pry-remote (0.1.8)
      pry (~> 0.9)
      slop (~> 3.0)
    slop (3.6.0)

PLATFORMS
  x86_64-darwin-21

DEPENDENCIES
  pry
  pry-nav
  pry-remote

BUNDLED WITH
   2.2.3
